GEM
  remote: https://rubygems.org/
  specs:
    ansi (1.5.0)
    ast (2.2.0)
    astrolabe (1.3.1)
      parser (~> 2.2)
    awesome_print (1.6.1)
    builder (3.2.2)
    byebug (8.2.1)
    docile (1.1.5)
    json (1.8.3)
    metaclass (0.0.4)
    minitest (5.8.3)
    minitest-reporters (1.1.7)
      ansi
      builder
      minitest (>= 5.0)
      ruby-progressbar
    mocha (1.1.0)
      metaclass (~> 0.0.1)
    parser (2.2.3.0)
      ast (>= 1.1, < 3.0)
    powerpack (0.1.1)
    rainbow (2.0.0)
    redcarpet (3.3.4)
    rubocop (0.35.1)
      astrolabe (~> 1.3)
      parser (>= 2.2.3.0, < 3.0)
      powerpack (~> 0.1)
      rainbow (>= 1.99.1, < 3.0)
      ruby-progressbar (~> 1.7)
      tins (<= 1.6.0)
    ruby-progressbar (1.7.5)
    shoulda-context (1.2.1)
    simplecov (0.11.1)
      docile (~> 1.1.0)
      json (~> 1.8)
      simplecov-html (~> 0.10.0)
    simplecov-html (0.10.0)
    slim (3.0.6)
      temple (~> 0.7.3)
      tilt (>= 1.3.3, < 2.1)
    temple (0.7.6)
    tilt (2.0.2)
    tins (1.6.0)
    webrick (1.3.1)

PLATFORMS
  ruby

DEPENDENCIES
  awesome_print
  byebug
  minitest
  minitest-reporters
  mocha
  redcarpet
  rubocop
  shoulda-context
  simplecov
  slim
  webrick

BUNDLED WITH
   1.10.6
